GIT
  remote: git@github.com:HomeBusProjects/ruby-homebus-application.git
  revision: 176b839ec7a145ad071844dbe57eaa16593f0c46
  specs:
    homebus_app (0.0.16)
      dotenv
      mqtt

GIT
  remote: https://github.com/HomeBusProjects/ruby-homebus
  revision: 64d64f26adf2e82d4c8cb7219bdd534f2275f817
  specs:
    homebus (0.3.1)

GEM
  remote: https://rubygems.org/
  specs:
    activesupport (5.2.3)
      concurrent-ruby (~> 1.0, >= 1.0.2)
      i18n (>= 0.7, < 2)
      minitest (~> 5.1)
      tzinfo (~> 1.1)
    concurrent-ruby (1.1.5)
    dotenv (2.7.2)
    i18n (1.6.0)
      concurrent-ruby (~> 1.0)
    minitest (5.11.3)
    mqtt (0.5.0)
    summer (1.0.1)
    thread_safe (0.3.6)
    tzinfo (1.2.5)
      thread_safe (~> 0.1)

PLATFORMS
  ruby

DEPENDENCIES
  activesupport (>= 4.1.1)
  homebus!
  homebus_app!
  mqtt
  summer

BUNDLED WITH
   2.0.1
